PATH
  remote: .
  specs:
    process_sip (0.1.0)

GEM
  remote: https://rubygems.org/
  specs:
    minitest (5.22.2)
    rake (13.1.0)

PLATFORMS
  arm64-darwin-20
  arm64-darwin-23

DEPENDENCIES
  minitest (~> 5.0)
  process_sip!
  rake (~> 13.0)

BUNDLED WITH
   2.5.6
