PATH
  remote: .
  specs:
    process_sip (0.1.0)

GEM
  remote: https://rubygems.org/
  specs:
    minitest (5.16.3)
    rake (13.0.6)

PLATFORMS
  arm64-darwin-20

DEPENDENCIES
  minitest (~> 5.0)
  process_sip!
  rake (~> 13.0)

BUNDLED WITH
   2.3.21
