PATH
  remote: .
  specs:
    process_sip (0.1.0)

GEM
  remote: https://rubygems.org/
  specs:
    minitest (5.22.2)
    minitest-sprint (1.2.2)
      path_expander (~> 1.1)
    path_expander (1.1.1)
    rake (13.1.0)

PLATFORMS
  arm64-darwin-20
  arm64-darwin-23
  x86_64-linux

DEPENDENCIES
  minitest
  minitest-sprint
  process_sip!
  rake (~> 13.0)

BUNDLED WITH
   2.5.6
